PATH
  remote: .
  specs:
    mux-ruby (0.2.0)
      excon (>= 0.71)
      json (>= 2.3)

GEM
  remote: https://rubygems.org/
  specs:
    excon (0.105.0)
    json (2.6.3)
    rake (13.0.1)

PLATFORMS
  ruby

DEPENDENCIES
  bundler (>= 2.2.33)
  mux-ruby!
  rake (>= 12.3.3)

BUNDLED WITH
   2.4.22
