PATH
  remote: .
  specs:
    mux-ruby (0.1.0)
      excon (~> 0.58)
      json (~> 2.0.4)

GEM
  remote: https://rubygems.org/
  specs:
    excon (0.62.0)
    json (2.0.4)
    rake (10.5.0)

PLATFORMS
  ruby

DEPENDENCIES
  bundler (~> 1.16)
  mux-ruby!
  rake (~> 10.0)

BUNDLED WITH
   1.16.3
