PATH
  remote: .
  specs:
    mux-ruby (0.1.0)
      excon (~> 0.58)
      json (>= 2.0.4)

GEM
  remote: https://rubygems.org/
  specs:
    excon (0.73.0)
    json (2.3.0)
    rake (13.0.1)

PLATFORMS
  ruby

DEPENDENCIES
  bundler (~> 1.16)
  mux-ruby!
  rake (~> 13.0)

BUNDLED WITH
   1.17.3
